GIT
  remote: git://github.com/rspec/rspec-core.git
  revision: 1e71ba3a34da93255a3860064f8608e01a4f96e9
  specs:
    rspec-core (2.1.0.pre)

GIT
  remote: git://github.com/rspec/rspec-expectations.git
  revision: 98f61d98a70c57ce827600ab9bd978825d56b7e7
  specs:
    rspec-expectations (2.1.0.pre)
      diff-lcs (~> 1.1.2)

GIT
  remote: git://github.com/rspec/rspec-mocks.git
  revision: aefe0ff6a90ed21756bd75e472062785080ec0bb
  specs:
    rspec-mocks (2.1.0.pre)
      rspec-core (= 2.1.0.pre)
      rspec-expectations (= 2.1.0.pre)

GIT
  remote: git://github.com/rspec/rspec-rails.git
  revision: 0f8d020b207d834aa7314c4c2dee3c2cb070f085
  specs:
    rspec-rails (2.1.0.pre)
      rspec (= 2.1.0.pre)

GIT
  remote: git://github.com/rspec/rspec.git
  revision: 2dd1f6f97ba2373cf6efd2912aa25b3975586fb0
  specs:
    rspec (2.1.0.pre)
      rspec-core (= 2.1.0.pre)
      rspec-expectations (= 2.1.0.pre)
      rspec-mocks (= 2.1.0.pre)

GIT
  remote: http://github.com/apotonick/cells.git
  revision: 612ea3c41518d0d08be6fbbaec1cc5aced371feb
  specs:
    cells (3.4.2)

GIT
  remote: http://github.com/bdrister/authlogic.git
  revision: 0a58cd2e113df18814cefbfc47b485eb5a503c58
  specs:
    authlogic (2.1.6)
      activesupport

GIT
  remote: http://github.com/thoughtbot/flutie.git
  revision: 7358f9f381d236cfc7ef76e4ab9da342963c229b
  specs:
    flutie (1.0.4)

GEM
  remote: http://rubygems.org/
  specs:
    ZenTest (4.4.0)
    abstract (1.0.0)
    actionmailer (3.0.0)
      actionpack (= 3.0.0)
      mail (~> 2.2.5)
    actionpack (3.0.0)
      activemodel (= 3.0.0)
      activesupport (= 3.0.0)
      builder (~> 2.1.2)
      erubis (~> 2.6.6)
      i18n (~> 0.4.1)
      rack (~> 1.2.1)
      rack-mount (~> 0.6.12)
      rack-test (~> 0.5.4)
      tzinfo (~> 0.3.23)
    activemodel (3.0.0)
      activesupport (= 3.0.0)
      builder (~> 2.1.2)
      i18n (~> 0.4.1)
    activerecord (3.0.0)
      activemodel (= 3.0.0)
      activesupport (= 3.0.0)
      arel (~> 1.0.0)
      tzinfo (~> 0.3.23)
    activeresource (3.0.0)
      activemodel (= 3.0.0)
      activesupport (= 3.0.0)
    activesupport (3.0.0)
    arel (1.0.1)
      activesupport (~> 3.0.0)
    builder (2.1.2)
    capybara (0.3.9)
      culerity (>= 0.2.4)
      mime-types (>= 1.16)
      nokogiri (>= 1.3.3)
      rack (>= 1.0.0)
      rack-test (>= 0.5.4)
      selenium-webdriver (>= 0.0.3)
    childprocess (0.1.3)
      ffi (~> 0.6.3)
    configuration (1.1.0)
    cucumber (0.9.2)
      builder (~> 2.1.2)
      diff-lcs (~> 1.1.2)
      gherkin (~> 2.2.5)
      json (~> 1.4.6)
      term-ansicolor (~> 1.0.5)
    cucumber-rails (0.3.2)
      cucumber (>= 0.8.0)
    culerity (0.2.12)
    database_cleaner (0.5.2)
    diff-lcs (1.1.2)
    erubis (2.6.6)
      abstract (>= 1.0.0)
    factory_girl (1.3.2)
    factory_girl_rails (1.0)
      factory_girl (~> 1.3)
      rails (>= 3.0.0.beta4)
    ffi (0.6.3)
      rake (>= 0.8.7)
    formtastic (1.1.0)
      actionpack (>= 2.3.0)
      activesupport (>= 2.3.0)
      i18n (>= 0.4.0)
    gherkin (2.2.9)
      json (~> 1.4.6)
      term-ansicolor (~> 1.0.5)
    haml (3.0.22)
    i18n (0.4.1)
    json (1.4.6)
    json_pure (1.4.6)
    launchy (0.3.7)
      configuration (>= 0.0.5)
      rake (>= 0.8.1)
    mail (2.2.7)
      activesupport (>= 2.3.6)
      mime-types
      treetop (>= 1.4.5)
    mime-types (1.16)
    nokogiri (1.4.3.1)
    polyglot (0.3.1)
    rack (1.2.1)
    rack-mount (0.6.13)
      rack (>= 1.0.0)
    rack-test (0.5.6)
      rack (>= 1.0)
    rails (3.0.0)
      actionmailer (= 3.0.0)
      actionpack (= 3.0.0)
      activerecord (= 3.0.0)
      activeresource (= 3.0.0)
      activesupport (= 3.0.0)
      bundler (~> 1.0.0)
      railties (= 3.0.0)
    rails-geocoder (0.9.5)
    rails3-generators (0.14.0)
    railties (3.0.0)
      actionpack (= 3.0.0)
      activesupport (= 3.0.0)
      rake (>= 0.8.4)
      thor (~> 0.14.0)
    rake (0.8.7)
    rcov (0.9.9)
    rubyzip (0.9.4)
    selenium-webdriver (0.0.29)
      childprocess (>= 0.0.7)
      ffi (~> 0.6.3)
      json_pure
      rubyzip
    shoulda (2.11.3)
    spork (0.8.4)
    sqlite3-ruby (1.3.1)
    term-ansicolor (1.0.5)
    thor (0.14.3)
    treetop (1.4.8)
      polyglot (>= 0.3.1)
    tzinfo (0.3.23)

PLATFORMS
  ruby

DEPENDENCIES
  ZenTest
  authlogic!
  capybara
  cells!
  cucumber
  cucumber-rails
  database_cleaner
  factory_girl_rails
  flutie!
  formtastic
  haml
  launchy
  rails (= 3.0.0)
  rails-geocoder
  rails3-generators
  rcov
  rspec!
  rspec-core!
  rspec-expectations!
  rspec-mocks!
  rspec-rails!
  shoulda
  spork
  sqlite3-ruby
