GIT
  remote: git://github.com/rspec/rspec-core.git
  revision: 875865c26ec52139fbc0d8b3598329400dc50e55
  specs:
    rspec-core (2.1.0.pre)

GIT
  remote: git://github.com/rspec/rspec-expectations.git
  revision: acbfcbe64ed76f03eb6eda7ff12dd7e65f8f4cfa
  specs:
    rspec-expectations (2.1.0.pre)
      diff-lcs (~> 1.1.2)

GIT
  remote: git://github.com/rspec/rspec-mocks.git
  revision: 31a9e6b32135ebc93bce3772670dfa4a2ee963f5
  specs:
    rspec-mocks (2.1.0.pre)

GIT
  remote: git://github.com/rspec/rspec-rails.git
  revision: 84d1f49f94316c3aff855073a2a9ef7973df8a8e
  specs:
    rspec-rails (2.1.0.pre)
      rspec (= 2.1.0.pre)

GIT
  remote: git://github.com/rspec/rspec.git
  revision: 4f292805110f55defded1838d5b59aa56c94ff0b
  specs:
    rspec (2.1.0.pre)
      rspec-core (= 2.1.0.pre)
      rspec-expectations (= 2.1.0.pre)
      rspec-mocks (= 2.1.0.pre)

GIT
  remote: http://github.com/apotonick/cells.git
  revision: 612ea3c41518d0d08be6fbbaec1cc5aced371feb
  specs:
    cells (3.4.2)

GIT
  remote: http://github.com/bdrister/authlogic.git
  revision: 0a58cd2e113df18814cefbfc47b485eb5a503c58
  specs:
    authlogic (2.1.6)
      activesupport

GIT
  remote: http://github.com/thoughtbot/flutie.git
  revision: e45f0a4ab04c44b49160b41e6e02865568160b65
  specs:
    flutie (1.1.1)

GEM
  remote: http://rubygems.org/
  specs:
    ZenTest (4.4.0)
    abstract (1.0.0)
    actionmailer (3.0.1)
      actionpack (= 3.0.1)
      mail (~> 2.2.5)
    actionpack (3.0.1)
      activemodel (= 3.0.1)
      activesupport (= 3.0.1)
      builder (~> 2.1.2)
      erubis (~> 2.6.6)
      i18n (~> 0.4.1)
      rack (~> 1.2.1)
      rack-mount (~> 0.6.12)
      rack-test (~> 0.5.4)
      tzinfo (~> 0.3.23)
    activemodel (3.0.1)
      activesupport (= 3.0.1)
      builder (~> 2.1.2)
      i18n (~> 0.4.1)
    activerecord (3.0.1)
      activemodel (= 3.0.1)
      activesupport (= 3.0.1)
      arel (~> 1.0.0)
      tzinfo (~> 0.3.23)
    activeresource (3.0.1)
      activemodel (= 3.0.1)
      activesupport (= 3.0.1)
    activesupport (3.0.1)
    arel (1.0.1)
      activesupport (~> 3.0.0)
    builder (2.1.2)
    capybara (0.4.0)
      celerity (>= 0.7.9)
      culerity (>= 0.2.4)
      mime-types (>= 1.16)
      nokogiri (>= 1.3.3)
      rack (>= 1.0.0)
      rack-test (>= 0.5.4)
      selenium-webdriver (>= 0.0.27)
      xpath (~> 0.1.2)
    celerity (0.8.2)
    childprocess (0.1.3)
      ffi (~> 0.6.3)
    configuration (1.1.0)
    cucumber (0.9.4)
      builder (~> 2.1.2)
      diff-lcs (~> 1.1.2)
      gherkin (~> 2.2.9)
      json (~> 1.4.6)
      term-ansicolor (~> 1.0.5)
    cucumber-rails (0.3.2)
      cucumber (>= 0.8.0)
    culerity (0.2.12)
    database_cleaner (0.6.0)
    diff-lcs (1.1.2)
    erubis (2.6.6)
      abstract (>= 1.0.0)
    factory_girl (1.3.2)
    factory_girl_rails (1.0)
      factory_girl (~> 1.3)
      rails (>= 3.0.0.beta4)
    ffi (0.6.3)
      rake (>= 0.8.7)
    formtastic (1.1.0)
      actionpack (>= 2.3.0)
      activesupport (>= 2.3.0)
      i18n (>= 0.4.0)
    gherkin (2.2.9)
      json (~> 1.4.6)
      term-ansicolor (~> 1.0.5)
    haml (3.0.23)
    i18n (0.4.2)
    json (1.4.6)
    json_pure (1.4.6)
    launchy (0.3.7)
      configuration (>= 0.0.5)
      rake (>= 0.8.1)
    mail (2.2.9)
      activesupport (>= 2.3.6)
      i18n (~> 0.4.1)
      mime-types (~> 1.16)
      treetop (~> 1.4.8)
    mime-types (1.16)
    nokogiri (1.4.3.1)
    polyglot (0.3.1)
    rack (1.2.1)
    rack-mount (0.6.13)
      rack (>= 1.0.0)
    rack-test (0.5.6)
      rack (>= 1.0)
    rails (3.0.1)
      actionmailer (= 3.0.1)
      actionpack (= 3.0.1)
      activerecord (= 3.0.1)
      activeresource (= 3.0.1)
      activesupport (= 3.0.1)
      bundler (~> 1.0.0)
      railties (= 3.0.1)
    rails-geocoder (0.9.5)
    rails3-generators (0.14.0)
    railties (3.0.1)
      actionpack (= 3.0.1)
      activesupport (= 3.0.1)
      rake (>= 0.8.4)
      thor (~> 0.14.0)
    rake (0.8.7)
    rcov (0.9.9)
    rubyzip (0.9.4)
    selenium-webdriver (0.0.29)
      childprocess (>= 0.0.7)
      ffi (~> 0.6.3)
      json_pure
      rubyzip
    shoulda (2.11.3)
    spork (0.8.4)
    sqlite3-ruby (1.3.2)
    term-ansicolor (1.0.5)
    thor (0.14.4)
    treetop (1.4.8)
      polyglot (>= 0.3.1)
    tzinfo (0.3.23)
    xpath (0.1.2)
      nokogiri (~> 1.3)

PLATFORMS
  ruby

DEPENDENCIES
  ZenTest
  authlogic!
  capybara
  cells!
  cucumber
  cucumber-rails
  database_cleaner
  factory_girl_rails
  flutie!
  formtastic
  haml
  launchy
  rails (= 3.0.1)
  rails-geocoder
  rails3-generators
  rcov
  rspec!
  rspec-core!
  rspec-expectations!
  rspec-mocks!
  rspec-rails!
  shoulda
  spork
  sqlite3-ruby
